GEM
  remote: https://rubygems.org/
  specs:
    rack (2.2.3)

PLATFORMS
  ruby

DEPENDENCIES
  rack

RUBY VERSION
   ruby 2.6.3p62

BUNDLED WITH
   2.0.2
